PATH
  remote: .
  specs:
    typ (0.0.6)

GEM
  remote: https://rubygems.org/
  specs:
    awesome_print (1.9.2)
    bgem (0.0.12)
      string-indent (>= 0.0.1)
    byebug (11.1.3)
    coderay (1.1.3)
    diff-lcs (1.4.4)
    method_source (1.0.0)
    power_assert (1.1.7)
    pry (0.14.1)
      coderay (~> 1.1)
      method_source (~> 1.0)
    pry-byebug (3.8.0)
      byebug (~> 11.0)
      pry (~> 0.10)
    rspec (3.10.0)
      rspec-core (~> 3.10.0)
      rspec-expectations (~> 3.10.0)
      rspec-mocks (~> 3.10.0)
    rspec-core (3.10.1)
      rspec-support (~> 3.10.0)
    rspec-expectations (3.10.1)
      diff-lcs (>= 1.2.0, < 2.0)
      rspec-support (~> 3.10.0)
    rspec-mocks (3.10.2)
      diff-lcs (>= 1.2.0, < 2.0)
      rspec-support (~> 3.10.0)
    rspec-power_assert (1.1.0)
      power_assert (~> 1.1.0)
      rspec (>= 2.14)
    rspec-support (3.10.2)
    string-indent (0.0.1)

PLATFORMS
  ruby

DEPENDENCIES
  awesome_print
  bgem (>= 0.0.10)
  byebug
  pry
  pry-byebug
  rspec
  rspec-power_assert
  typ!

BUNDLED WITH
   2.1.4
