PATH
  remote: .
  specs:
    typ (0.0.6)

GEM
  remote: https://rubygems.org/
  specs:
    awesome_print (1.8.0)
    bgem (0.0.12)
      string-indent (>= 0.0.1)
    byebug (11.0.1)
    coderay (1.1.2)
    diff-lcs (1.3)
    method_source (0.9.2)
    power_assert (1.1.5)
    pry (0.12.2)
      coderay (~> 1.1.0)
      method_source (~> 0.9.0)
    pry-byebug (3.7.0)
      byebug (~> 11.0)
      pry (~> 0.10)
    rspec (3.9.0)
      rspec-core (~> 3.9.0)
      rspec-expectations (~> 3.9.0)
      rspec-mocks (~> 3.9.0)
    rspec-core (3.9.0)
      rspec-support (~> 3.9.0)
    rspec-expectations (3.9.0)
      diff-lcs (>= 1.2.0, < 2.0)
      rspec-support (~> 3.9.0)
    rspec-mocks (3.9.0)
      diff-lcs (>= 1.2.0, < 2.0)
      rspec-support (~> 3.9.0)
    rspec-power_assert (1.1.0)
      power_assert (~> 1.1.0)
      rspec (>= 2.14)
    rspec-support (3.9.0)
    string-indent (0.0.1)

PLATFORMS
  ruby

DEPENDENCIES
  awesome_print
  bgem (>= 0.0.10)
  byebug
  pry
  pry-byebug
  rspec
  rspec-power_assert
  typ!

BUNDLED WITH
   1.17.2
